GEM
  remote: https://rubygems.org/
  specs:
    RubyInline (3.12.4)
      ZenTest (~> 4.3)
    ZenTest (4.11.1)
    hoe (3.16.1)
      rake (>= 0.8, < 13.0)
    minitest (5.10.3)
    morphological_metrics (1.3.1)
      RubyInline (~> 3.9)
    rake (12.2.1)
    rake-compiler (1.0.4)
      rake
    rdoc (5.1.0)

PLATFORMS
  ruby

DEPENDENCIES
  hoe
  minitest (~> 5.0)
  morphological_metrics (~> 1.3.0)
  rake
  rake-compiler
  rdoc

BUNDLED WITH
   1.15.4
