GEM
  remote: https://rubygems.org/
  specs:
    RubyInline (3.12.4)
      ZenTest (~> 4.3)
    ZenTest (4.11.1)
    morphological_metrics (1.3.0)
      RubyInline (~> 3.9)

PLATFORMS
  ruby

DEPENDENCIES
  morphological_metrics (~> 1.3.0)

BUNDLED WITH
   1.15.4
